GIT
  remote: git://github.com/arsduo/koala.git
  revision: 5e5dafec2138b6fe96478dca0c75a73a403c6d88
  specs:
    koala (1.6.0.rc1)
      addressable (~> 2.2)
      faraday (~> 0.8)
      multi_json (~> 1.3)

GEM
  remote: http://rubygems.org/
  specs:
    addressable (2.3.2)
    diff-lcs (1.1.3)
    faraday (0.8.4)
      multipart-post (~> 1.1)
    multi_json (1.3.7)
    multipart-post (1.1.5)
    rspec (2.11.0)
      rspec-core (~> 2.11.0)
      rspec-expectations (~> 2.11.0)
      rspec-mocks (~> 2.11.0)
    rspec-core (2.11.1)
    rspec-expectations (2.11.3)
      diff-lcs (~> 1.1.3)
    rspec-mocks (2.11.3)

PLATFORMS
  ruby

DEPENDENCIES
  koala!
  rspec
